PATH
  remote: .
  specs:
    business_time (0.7.3.3)
      activesupport (>= 3.1.0)
      holidays (~> 5.3)
      tzinfo

GEM
  remote: https://rubygems.org/
  specs:
    activesupport (5.0.2)
      concurrent-ruby (~> 1.0, >= 1.0.2)
      i18n (~> 0.7)
      minitest (~> 5.1)
      tzinfo (~> 1.1)
    concurrent-ruby (1.0.5)
    faraday (0.9.2)
      multipart-post (>= 1.2, < 3)
    gemfury (0.6.0)
      faraday (>= 0.9.0, < 0.10.0.pre)
      highline (~> 1.6.0)
      multi_json (~> 1.10)
      netrc (~> 0.10.0)
      thor (>= 0.14.0, < 1.0.0.pre)
    highline (1.6.21)
    holidays (5.4.0)
    i18n (0.8.1)
    json (2.0.3)
    minitest (5.2.2)
    minitest-rg (5.0.0)
      minitest (~> 5.0)
    multi_json (1.12.1)
    multipart-post (2.0.0)
    netrc (0.10.3)
    rake (10.1.1)
    rdoc (4.1.1)
      json (> 1.4)
    thor (0.19.4)
    thread_safe (0.3.6)
    tzinfo (1.2.2)
      thread_safe (~> 0.1)

PLATFORMS
  ruby

DEPENDENCIES
  business_time!
  gemfury
  minitest
  minitest-rg
  rake
  rdoc

BUNDLED WITH
   1.14.6
