PATH
  remote: .
  specs:
    business_time (0.7.3.1)
      activesupport (>= 3.1.0)
      holidays (~> 5.3)
      tzinfo

GEM
  remote: https://rubygems.org/
  specs:
    activesupport (5.0.2)
      concurrent-ruby (~> 1.0, >= 1.0.2)
      i18n (~> 0.7)
      minitest (~> 5.1)
      tzinfo (~> 1.1)
    concurrent-ruby (1.0.5)
    holidays (5.4.0)
    i18n (0.8.1)
    json (1.8.1)
    minitest (5.2.2)
    minitest-rg (5.0.0)
      minitest (~> 5.0)
    rake (10.1.1)
    rdoc (4.1.1)
      json (~> 1.4)
    thread_safe (0.3.6)
    tzinfo (1.2.2)
      thread_safe (~> 0.1)

PLATFORMS
  ruby

DEPENDENCIES
  business_time!
  minitest
  minitest-rg
  rake
  rdoc

BUNDLED WITH
   1.13.2
